GEM
  remote: https://rubygems.org/
  specs:
    docsplit (0.7.6)

PLATFORMS
  ruby

DEPENDENCIES
  docsplit (~> 0.7.6)
